GEM
  remote: https://rubygems.org/
  specs:
    bcrypt (3.1.13)
    coderay (1.1.2)
    diff-lcs (1.3)
    mustermann (1.1.1)
      ruby2_keywords (~> 0.0.1)
    nio4r (2.5.2)
    pg (1.2.1)
    puma (4.3.5)
      nio4r (~> 2.0)
    rack (2.2.2)
    rack-protection (2.0.8)
      rack
    rack-test (1.1.0)
      rack (>= 1.0, < 3)
    rake (13.0.1)
    rspec (3.9.0)
      rspec-core (~> 3.9.0)
      rspec-expectations (~> 3.9.0)
      rspec-mocks (~> 3.9.0)
    rspec-core (3.9.1)
      rspec-support (~> 3.9.1)
    rspec-expectations (3.9.1)
      diff-lcs (>= 1.2.0, < 2.0)
      rspec-support (~> 3.9.0)
    rspec-mocks (3.9.1)
      diff-lcs (>= 1.2.0, < 2.0)
      rspec-support (~> 3.9.0)
    rspec-support (3.9.2)
    rspec_sequel_matchers (0.5.0)
      sequel (>= 3.8.0)
    ruby2_keywords (0.0.2)
    sequel (5.30.0)
    sinatra (2.0.8)
      mustermann (~> 1.0)
      rack (~> 2.0)
      rack-protection (= 2.0.8)
      tilt (~> 2.0)
    tilt (2.0.10)

PLATFORMS
  ruby

DEPENDENCIES
  bcrypt (= 3.1.13)
  coderay (= 1.1.2)
  pg (= 1.2.1)
  puma (= 4.3.5)
  rack-test (= 1.1.0)
  rake (= 13.0.1)
  rspec (= 3.9.0)
  rspec_sequel_matchers (= 0.5.0)
  sequel (= 5.30.0)
  sinatra (= 2.0.8)

RUBY VERSION
   ruby 2.6.6p146

BUNDLED WITH
   2.1.4
