GEM
  remote: https://rubygems.org/
  specs:
    bcrypt (3.1.11)
    coderay (1.1.2)
    diff-lcs (1.3)
    mustermann (1.0.3)
    pg (1.0.0)
    puma (3.11.2)
    rack (2.1.2)
    rack-protection (2.0.2)
      rack
    rack-test (0.8.2)
      rack (>= 1.0, < 3)
    rake (12.3.0)
    rspec (3.7.0)
      rspec-core (~> 3.7.0)
      rspec-expectations (~> 3.7.0)
      rspec-mocks (~> 3.7.0)
    rspec-core (3.7.1)
      rspec-support (~> 3.7.0)
    rspec-expectations (3.7.0)
      diff-lcs (>= 1.2.0, < 2.0)
      rspec-support (~> 3.7.0)
    rspec-mocks (3.7.0)
      diff-lcs (>= 1.2.0, < 2.0)
      rspec-support (~> 3.7.0)
    rspec-support (3.7.1)
    rspec_sequel_matchers (0.4.0)
      sequel (>= 3.8.0)
    sequel (5.5.0)
    sinatra (2.0.2)
      mustermann (~> 1.0)
      rack (~> 2.0)
      rack-protection (= 2.0.2)
      tilt (~> 2.0)
    tilt (2.0.9)

PLATFORMS
  ruby

DEPENDENCIES
  bcrypt (= 3.1.11)
  coderay (= 1.1.2)
  pg (= 1.0.0)
  puma (= 3.11.2)
  rack-test (= 0.8.2)
  rake (= 12.3.0)
  rspec (= 3.7.0)
  rspec_sequel_matchers (= 0.4.0)
  sequel (= 5.5.0)
  sinatra (= 2.0.2)

RUBY VERSION
   ruby 2.4.1p111

BUNDLED WITH
   2.1.4
